GEM
  remote: http://rubygems.org/
  specs:
    eventmachine (1.0.9.1)
    faraday (0.10.1)
      multipart-post (>= 1.2, < 3)
    faraday_middleware (0.10.1)
      faraday (>= 0.7.4, < 1.0)
    faye-websocket (0.10.2)
      eventmachine (>= 0.12.0)
      websocket-driver (>= 0.5.1)
    figaro (1.1.1)
      thor (~> 0.14)
    gli (2.14.0)
    httparty (0.14.0)
      multi_xml (>= 0.5.2)
    json (2.0.2)
    multi_xml (0.5.5)
    multipart-post (2.0.0)
    slack-ruby-client (0.5.3)
      faraday
      faraday_middleware
      gli
      json
      websocket-driver
    thor (0.19.1)
    websocket-driver (0.6.3)
      websocket-extensions (>= 0.1.0)
    websocket-extensions (0.1.2)

PLATFORMS
  ruby

DEPENDENCIES
  faye-websocket (~> 0.10.2)
  figaro (~> 1.1.1)
  httparty (~> 0.14.0)
  slack-ruby-client (~> 0.5.3)

BUNDLED WITH
   1.11.2
